NUGET
  remote: https://www.nuget.org/api/v2
  specs:
    Fixie (1.0.1)
    MarkdownSharp (1.13)
    Newtonsoft.Json (8.0.3)
    Should (1.1.20)
