NUGET
  remote: https://www.nuget.org/api/v2
  specs:
    Fixie (1.0.1)
    MarkdownSharp (1.13)
    Newtonsoft.Json (8.0.3)
    Should (1.1.20)
  remote: https://www.myget.org/F/jajo/api/v2
  specs:
    SuperGlue.Configuration (1.0.0.325)
      Newtonsoft.Json
    SuperGlue.Web.Output (1.0.0.325)
      Newtonsoft.Json
      SuperGlue.Configuration
